GEM
  remote: https://rubygems.org/
  specs:
    bourbon (3.1.8)
      sass (>= 3.2.0)
      thor
    haml (4.0.3)
      tilt
    neat (1.4.0)
      bourbon (>= 2.1)
      sass (>= 3.2)
    sass (3.2.12)
    thor (0.18.1)
    tilt (1.4.1)

PLATFORMS
  ruby

DEPENDENCIES
  bourbon
  haml
  neat
  sass
